PATH
  remote: .
  specs:
    cryptoticker_cli (0.1.0)

GEM
  remote: https://rubygems.org/
  specs:
    coderay (1.1.3)
    httparty (0.18.1)
      mime-types (~> 3.0)
      multi_xml (>= 0.5.2)
    method_source (1.0.0)
    mime-types (3.3.1)
      mime-types-data (~> 3.2015)
    mime-types-data (3.2021.0704)
    multi_xml (0.6.0)
    nokogiri (1.12.3-x86_64-darwin)
      racc (~> 1.4)
    open-uri (0.1.0)
    pry (0.14.1)
      coderay (~> 1.1)
      method_source (~> 1.0)
    racc (1.5.2)
    rake (13.0.6)

PLATFORMS
  x86_64-darwin-19

DEPENDENCIES
  cryptoticker_cli!
  httparty (~> 0.18.1)
  nokogiri (~> 1.12)
  open-uri (~> 0.1.0)
  pry (~> 0.14.1)
  rake (~> 13.0)

BUNDLED WITH
   2.2.25
